GEM
  remote: https://rubygems.org/
  specs:
    adsf (1.2.1)
      rack (>= 1.0.0)
    colored (1.2)
    concurrent-ruby (1.0.5)
    cri (2.8.0)
      colored (~> 1.2)
    ddplugin (1.0.1)
    haml (5.0.1)
      temple (>= 0.8.0)
      tilt
    hamster (3.0.0)
      concurrent-ruby (~> 1.0)
    kramdown (1.13.2)
    mini_portile2 (2.1.0)
    nanoc (4.7.9)
      cri (~> 2.8)
      ddplugin (~> 1.0)
      hamster (~> 3.0)
      ref (~> 2.0)
    nokogiri (1.7.2)
      mini_portile2 (~> 2.1.0)
    rack (2.0.2)
    ref (2.0.0)
    sass (3.4.23)
    temple (0.8.0)
    tilt (2.0.7)

PLATFORMS
  ruby

DEPENDENCIES
  adsf
  haml
  kramdown
  nanoc (~> 4)
  nokogiri
  sass

BUNDLED WITH
   1.13.7
