GEM
  remote: https://rubygems.org/
  specs:
    addressable (2.7.0)
      public_suffix (>= 2.0.2, < 5.0)
    adsf (1.4.3)
      rack (>= 1.0.0, < 3.0.0)
    colored (1.2)
    concurrent-ruby (1.1.5)
    cri (2.15.9)
    ddmemoize (1.0.0)
      ddmetrics (~> 1.0)
      ref (~> 2.0)
    ddmetrics (1.0.1)
    ddplugin (1.0.2)
    diff-lcs (1.3)
    equatable (0.6.1)
    ffi (1.11.3)
    haml (5.1.2)
      temple (>= 0.8.0)
      tilt
    hamster (3.0.0)
      concurrent-ruby (~> 1.0)
    json_schema (0.20.8)
    kramdown (1.17.0)
    mini_portile2 (2.4.0)
    nanoc (4.11.14)
      addressable (~> 2.5)
      colored (~> 1.2)
      nanoc-cli (= 4.11.14)
      nanoc-core (= 4.11.14)
      parallel (~> 1.12)
      tty-command (~> 0.8)
      tty-which (~> 0.4)
    nanoc-cli (4.11.14)
      cri (~> 2.15)
      diff-lcs (~> 1.3)
      nanoc-core (= 4.11.14)
      zeitwerk (~> 2.1)
    nanoc-core (4.11.14)
      ddmemoize (~> 1.0)
      ddmetrics (~> 1.0)
      ddplugin (~> 1.0)
      hamster (~> 3.0)
      json_schema (~> 0.19)
      slow_enumerator_tools (~> 1.0)
      tomlrb (~> 1.2)
      tty-platform (~> 0.2)
      zeitwerk (~> 2.1)
    nokogiri (1.10.7)
      mini_portile2 (~> 2.4.0)
    parallel (1.19.1)
    pastel (0.7.3)
      equatable (~> 0.6)
      tty-color (~> 0.5)
    public_suffix (4.0.1)
    rack (2.0.8)
    rb-fsevent (0.10.3)
    rb-inotify (0.10.0)
      ffi (~> 1.0)
    ref (2.0.0)
    sass (3.7.4)
      sass-listen (~> 4.0.0)
    sass-listen (4.0.0)
      rb-fsevent (~> 0.9, >= 0.9.4)
      rb-inotify (~> 0.9, >= 0.9.7)
    slow_enumerator_tools (1.1.0)
    temple (0.8.2)
    tilt (2.0.10)
    tomlrb (1.2.9)
    tty-color (0.5.0)
    tty-command (0.9.0)
      pastel (~> 0.7.0)
    tty-platform (0.2.1)
    tty-which (0.4.1)
    zeitwerk (2.2.2)

PLATFORMS
  ruby

DEPENDENCIES
  adsf!
  haml!
  kramdown (~> 1.17)!
  nanoc (~> 4.8)!
  nokogiri (~> 1.10, >= 1.10.7)!
  rack (~> 2.0, >= 2.0.8)!
  sass!

RUBY VERSION
   ruby 2.6.5p114

BUNDLED WITH
   1.17.2
